GEM
  remote: https://rubygems.org/
  specs:
    newrelic_rpm (3.13.2.302)
    puma (3.6.0)
    rack (1.6.4)
    rack-protection (1.5.3)
      rack
    sinatra (1.4.7)
      rack (~> 1.5)
      rack-protection (~> 1.4)
      tilt (>= 1.3, < 3)
    tilt (2.0.5)

PLATFORMS
  ruby

DEPENDENCIES
  newrelic_rpm
  puma (~> 3.6)
  sinatra (~> 1.4, >= 1.4.7)

BUNDLED WITH
   1.13.7
